GEM
  remote: https://rubygems.org/
  specs:
    awesome_print (1.2.0)
    bond (0.5.1)
    wirble (0.1.3)

PLATFORMS
  ruby

DEPENDENCIES
  awesome_print
  bond
  wirble
